PATH
  remote: .
  specs:
<<<<<<< HEAD
    stealth-facebook (0.10.3)
=======
    stealth-facebook (0.11.2)
>>>>>>> e429808bda9134be62f862d02f181db0a02ac553
      faraday (~> 0.13)
      stealth (< 2.0)

GEM
  remote: https://rubygems.org/
  specs:
<<<<<<< HEAD
    activesupport (5.2.3)
=======
    activesupport (5.2.2)
>>>>>>> e429808bda9134be62f862d02f181db0a02ac553
      concurrent-ruby (~> 1.0, >= 1.0.2)
      i18n (>= 0.7, < 2)
      minitest (~> 5.1)
      tzinfo (~> 1.1)
<<<<<<< HEAD
    concurrent-ruby (1.1.5)
    connection_pool (2.2.2)
    diff-lcs (1.3)
    faraday (0.17.0)
      multipart-post (>= 1.2, < 3)
    i18n (1.7.0)
      concurrent-ruby (~> 1.0)
    minitest (5.12.2)
    multi_json (1.14.1)
    multipart-post (2.1.1)
    mustermann (1.0.3)
    puma (3.12.1)
    rack (2.0.3)
    rack-protection (2.0.7)
=======
    concurrent-ruby (1.1.4)
    connection_pool (2.2.2)
    diff-lcs (1.3)
    faraday (0.15.4)
      multipart-post (>= 1.2, < 3)
    i18n (1.5.3)
      concurrent-ruby (~> 1.0)
    minitest (5.11.3)
    multi_json (1.13.1)
    multipart-post (2.0.0)
    mustermann (1.0.3)
    puma (3.12.0)
    rack (2.0.6)
    rack-protection (2.0.5)
>>>>>>> e429808bda9134be62f862d02f181db0a02ac553
      rack
    rack-test (1.1.0)
      rack (>= 1.0, < 3)
<<<<<<< HEAD
    redis (4.1.3)
    rspec (3.7.0)
      rspec-core (~> 3.7.0)
      rspec-expectations (~> 3.7.0)
      rspec-mocks (~> 3.7.0)
    rspec-core (3.7.0)
      rspec-support (~> 3.7.0)
    rspec-expectations (3.7.0)
=======
    redis (4.1.0)
    rspec (3.8.0)
      rspec-core (~> 3.8.0)
      rspec-expectations (~> 3.8.0)
      rspec-mocks (~> 3.8.0)
    rspec-core (3.8.0)
      rspec-support (~> 3.8.0)
    rspec-expectations (3.8.1)
>>>>>>> e429808bda9134be62f862d02f181db0a02ac553
      diff-lcs (>= 1.2.0, < 2.0)
      rspec-support (~> 3.8.0)
    rspec-mocks (3.8.0)
      diff-lcs (>= 1.2.0, < 2.0)
      rspec-support (~> 3.8.0)
    rspec-support (3.8.0)
    rspec_junit_formatter (0.4.1)
      rspec-core (>= 2, < 4, != 2.12.0)
<<<<<<< HEAD
    sidekiq (5.2.7)
=======
    sidekiq (5.2.5)
>>>>>>> e429808bda9134be62f862d02f181db0a02ac553
      connection_pool (~> 2.2, >= 2.2.2)
      rack (>= 1.5.0)
      rack-protection (>= 1.5.0)
      redis (>= 3.3.5, < 5)
<<<<<<< HEAD
    sinatra (2.0.7)
      mustermann (~> 1.0)
      rack (~> 2.0)
      rack-protection (= 2.0.7)
=======
    sinatra (2.0.5)
      mustermann (~> 1.0)
      rack (~> 2.0)
      rack-protection (= 2.0.5)
>>>>>>> e429808bda9134be62f862d02f181db0a02ac553
      tilt (~> 2.0)
    stealth (1.1.6)
      activesupport (~> 5.2)
      multi_json (~> 1.12)
      puma (~> 3.10)
      sidekiq (~> 5.0)
      sinatra (~> 2.0)
      thor (~> 0.20)
    thor (0.20.3)
    thread_safe (0.3.6)
<<<<<<< HEAD
    tilt (2.0.10)
=======
    tilt (2.0.9)
>>>>>>> e429808bda9134be62f862d02f181db0a02ac553
    tzinfo (1.2.5)
      thread_safe (~> 0.1)

PLATFORMS
  ruby

DEPENDENCIES
  rack-test (~> 1.1)
  rspec (~> 3.6)
  rspec_junit_formatter (~> 0.3)
  stealth-facebook!

BUNDLED WITH
<<<<<<< HEAD
   1.17.3
=======
   1.16.3
>>>>>>> e429808bda9134be62f862d02f181db0a02ac553
